GEM
  remote: https://rubygems.org/
  specs:
    anystyle (1.3.13)
      anystyle-data (~> 1.2)
      bibtex-ruby (~> 5.1)
      namae (~> 1.0)
      wapiti (~> 1.0, >= 1.0.2)
    anystyle-data (1.2.0)
    bibtex-ruby (5.1.6)
      latex-decode (~> 0.0)
    builder (3.2.4)
    cowsay (0.3.0)
    latex-decode (0.3.2)
    namae (1.1.1)
    wapiti (1.0.7)
      builder (~> 3.2)
    webrick (1.7.0)

PLATFORMS
  ruby

DEPENDENCIES
  anystyle (~> 1.3)
  cowsay (~> 0.3.0)
  webrick (~> 1.7)

BUNDLED WITH
   2.1.4
